GEM
  remote: https://rubygems.org/
  specs:
    diff-lcs (1.2.4)
    metaclass (0.0.1)
    mini_portile (0.5.1)
    mocha (0.14.0)
      metaclass (~> 0.0.1)
    moneta (0.7.20)
    nokogiri (1.6.0)
      mini_portile (~> 0.5.0)
    rspec (2.14.1)
      rspec-core (~> 2.14.0)
      rspec-expectations (~> 2.14.0)
      rspec-mocks (~> 2.14.0)
    rspec-core (2.14.6)
    rspec-expectations (2.14.3)
      diff-lcs (>= 1.1.3, < 2.0)
    rspec-mocks (2.14.4)

PLATFORMS
  ruby

DEPENDENCIES
  mocha
  moneta
  nokogiri
  rspec
